GIT
  remote: https://github.com/shokai/hue.git
  revision: 5a6eddc84324375a3b1b8d70d91d8cd4fa2baf48
  branch: bugfix_saturation_brightness
  specs:
    hue (0.1.1)
      multi_json
      thor

GEM
  remote: https://rubygems.org/
  specs:
    args_parser (0.2.0)
    multi_json (1.8.2)
    nokogiri (1.5.10)
    rake (10.1.0)
    thor (0.18.1)
    weather_jp (1.0.4)
      nokogiri (~> 1.5.5)
      rake (>= 0.9.2)

PLATFORMS
  ruby

DEPENDENCIES
  args_parser
  hue!
  weather_jp
